GEM
  remote: https://rubygems.org/
  specs:
    addressable (2.8.1)
      public_suffix (>= 2.0.2, < 6.0)
    colorator (1.1.0)
    concurrent-ruby (1.1.10)
    em-websocket (0.5.3)
      eventmachine (>= 0.12.9)
      http_parser.rb (~> 0)
    event_stream_parser (1.0.0)
    eventmachine (1.2.7)
    faraday (2.12.1)
      faraday-net_http (>= 2.0, < 3.5)
      json
      logger
    faraday-multipart (1.0.4)
      multipart-post (~> 2)
    faraday-net_http (3.4.0)
      net-http (>= 0.5.0)
    ffi (1.15.5)
    forwardable-extended (2.6.0)
    http_parser.rb (0.8.0)
    i18n (0.9.5)
      concurrent-ruby (~> 1.0)
    jekyll (3.9.2)
      addressable (~> 2.4)
      colorator (~> 1.0)
      em-websocket (~> 0.5)
      i18n (~> 0.7)
      jekyll-sass-converter (~> 1.0)
      jekyll-watch (~> 2.0)
      kramdown (>= 1.17, < 3)
      liquid (~> 4.0)
      mercenary (~> 0.3.3)
      pathutil (~> 0.9)
      rouge (>= 1.7, < 4)
      safe_yaml (~> 1.0)
    jekyll-compose (0.12.0)
      jekyll (>= 3.7, < 5.0)
    jekyll-feed (0.15.1)
      jekyll (>= 3.7, < 5.0)
    jekyll-paginate (1.1.0)
    jekyll-redirect-from (0.16.0)
      jekyll (>= 3.3, < 5.0)
    jekyll-sass-converter (1.5.2)
      sass (~> 3.4)
    jekyll-watch (2.2.1)
      listen (~> 3.0)
    json (2.8.2)
    kramdown (2.3.2)
      rexml
    liquid (4.0.3)
    listen (3.7.1)
      rb-fsevent (~> 0.10, >= 0.10.3)
      rb-inotify (~> 0.9, >= 0.9.10)
    logger (1.6.1)
    mercenary (0.3.6)
    mini_portile2 (2.8.7)
    multipart-post (2.4.1)
    net-http (0.5.0)
      uri
    nokogiri (1.16.5)
      mini_portile2 (~> 2.8.2)
      racc (~> 1.4)
    pathutil (0.16.2)
      forwardable-extended (~> 2.6)
    pkg-config (1.5.6)
    public_suffix (4.0.7)
    racc (1.8.1)
    rake (13.0.6)
    rb-fsevent (0.11.2)
    rb-inotify (0.10.1)
      ffi (~> 1.0)
    rexml (3.3.9)
    rmagick (5.3.0)
      pkg-config (~> 1.4)
    rouge (3.26.0)
    ruby-openai (7.3.1)
      event_stream_parser (>= 0.3.0, < 2.0.0)
      faraday (>= 1)
      faraday-multipart (>= 1)
    rubyzip (2.3.2)
    safe_yaml (1.0.5)
    sass (3.7.4)
      sass-listen (~> 4.0.0)
    sass-listen (4.0.0)
      rb-fsevent (~> 0.9, >= 0.9.4)
      rb-inotify (~> 0.9, >= 0.9.7)
    uri (1.0.2)
    webrick (1.8.2)

PLATFORMS
  ruby

DEPENDENCIES
  jekyll (>= 3.9.2)
  jekyll-compose
  jekyll-feed (~> 0.6)
  jekyll-paginate
  jekyll-redirect-from
  nokogiri (>= 1.13.6)
  rake
  rmagick (~> 5.3.0)
  ruby-openai (~> 7.3.0)
  rubyzip (>= 1.3.0)
  webrick

RUBY VERSION
   ruby 3.1.2p20

BUNDLED WITH
   2.5.21
